GEM
  remote: https://rubygems.org/
  specs:
    columnize (0.9.0)
    debugger (1.6.8)
      columnize (>= 0.3.1)
      debugger-linecache (~> 1.2.0)
      debugger-ruby_core_source (~> 1.3.5)
    debugger-linecache (1.2.0)
    debugger-ruby_core_source (1.3.8)
    metaclass (0.0.4)
    mocha (1.0.0)
      metaclass (~> 0.0.1)
    rmagick (2.13.2)
    state_machine (1.2.0)

PLATFORMS
  ruby

DEPENDENCIES
  debugger (~> 1.6.5)
  mocha (~> 1.0.0)
  rmagick (~> 2.13.2)
  state_machine (~> 1.2.0)
