GEM
  remote: https://rubygems.org/
  specs:
    columnize (0.3.6)
    debugger (1.6.5)
      columnize (>= 0.3.1)
      debugger-linecache (~> 1.2.0)
      debugger-ruby_core_source (~> 1.3.1)
    debugger-linecache (1.2.0)
    debugger-ruby_core_source (1.3.1)
    metaclass (0.0.2)
    mocha (1.0.0)
      metaclass (~> 0.0.1)
    rmagick (2.13.2)

PLATFORMS
  ruby

DEPENDENCIES
  debugger (~> 1.6.5)
  mocha (~> 1.0.0)
  rmagick (~> 2.13.2)
